GIT
  remote: git://github.com/aslakhellesoy/cucumber-rails.git
  revision: 0fe7e4f
  specs:
    cucumber-rails (0.3.2)
      cucumber (>= 0.8.0)

GIT
  remote: git://github.com/bmabey/database_cleaner.git
  revision: 7ea99d7
  specs:
    database_cleaner (0.5.2)

GIT
  remote: git://github.com/jnicklas/capybara.git
  revision: c6edcf7
  specs:
    capybara (0.3.9)
      culerity (>= 0.2.4)
      mime-types (>= 1.16)
      nokogiri (>= 1.3.3)
      rack (>= 1.0.0)
      rack-test (>= 0.5.4)
      selenium-webdriver (>= 0.0.3)

GIT
  remote: git://github.com/rails/rails.git
  revision: 8e9df34
  tag: v3.0.0.beta.3
  specs:
    actionmailer (3.0.0.beta3)
      actionpack (= 3.0.0.beta3)
      mail (~> 2.2.0)
      text-format (~> 1.0.0)
    actionpack (3.0.0.beta3)
      activemodel (= 3.0.0.beta3)
      activesupport (= 3.0.0.beta3)
      erubis (~> 2.6.5)
      rack (~> 1.1.0)
      rack-mount (~> 0.6.0)
      rack-test (~> 0.5.0)
    activemodel (3.0.0.beta3)
      activesupport (= 3.0.0.beta3)
    activerecord (3.0.0.beta3)
      activemodel (= 3.0.0.beta3)
      activesupport (= 3.0.0.beta3)
      arel (~> 0.3.3)
    activeresource (3.0.0.beta3)
      activemodel (= 3.0.0.beta3)
      activesupport (= 3.0.0.beta3)
    activesupport (3.0.0.beta3)
      builder (~> 2.1.2)
      i18n (~> 0.3.6)
      memcache-client (>= 1.7.5)
      tzinfo (~> 0.3.16)
    rails (3.0.0.beta3)
      actionmailer (= 3.0.0.beta3)
      actionpack (= 3.0.0.beta3)
      activerecord (= 3.0.0.beta3)
      activeresource (= 3.0.0.beta3)
      activesupport (= 3.0.0.beta3)
      bundler (>= 0.9.19)
      railties (= 3.0.0.beta3)
    railties (3.0.0.beta3)
      actionpack (= 3.0.0.beta3)
      activesupport (= 3.0.0.beta3)
      rake (>= 0.8.3)
      thor (~> 0.13.4)

GIT
  remote: git://github.com/rspec/rspec-rails.git
  revision: 22f574a
  specs:
    rspec-rails (2.0.0.beta.19)
      rspec (= 2.0.0.beta.19)
      webrat (>= 0.7.2.beta.1)

GIT
  remote: git://github.com/thoughtbot/paperclip.git
  revision: b5aea8b
  specs:
    paperclip (2.3.3)
      activerecord
      activesupport

GEM
  remote: http://rubygems.org/
  specs:
    abstract (1.0.0)
    arel (0.3.3)
      activesupport (>= 3.0.0.beta)
    aws-s3 (0.6.2)
      builder
      mime-types
      xml-simple
    builder (2.1.2)
    columnize (0.3.1)
    cucumber (0.8.5)
      builder (~> 2.1.2)
      diff-lcs (~> 1.1.2)
      gherkin (~> 2.1.4)
      json_pure (~> 1.4.3)
      term-ansicolor (~> 1.0.4)
    culerity (0.2.10)
    diff-lcs (1.1.2)
    erubis (2.6.6)
      abstract (>= 1.0.0)
    ffi (0.6.3)
      rake (>= 0.8.7)
    gherkin (2.1.5)
      trollop (~> 1.16.2)
    i18n (0.3.7)
    json_pure (1.4.5)
    linecache (0.43)
    mail (2.2.5)
      activesupport (>= 2.3.6)
      mime-types
      treetop (>= 1.4.5)
    memcache-client (1.8.5)
    mime-types (1.16)
    nokogiri (1.4.3.1)
    pg (0.9.0)
    polyglot (0.3.1)
    rack (1.1.0)
    rack-mount (0.6.9)
      rack (>= 1.0.0)
    rack-test (0.5.4)
      rack (>= 1.0)
    rake (0.8.7)
    rspec (2.0.0.beta.19)
      rspec-core (= 2.0.0.beta.19)
      rspec-expectations (= 2.0.0.beta.19)
      rspec-mocks (= 2.0.0.beta.19)
    rspec-core (2.0.0.beta.19)
    rspec-expectations (2.0.0.beta.19)
      diff-lcs (>= 1.1.2)
    rspec-mocks (2.0.0.beta.19)
    ruby-debug (0.10.3)
      columnize (>= 0.1)
      ruby-debug-base (~> 0.10.3.0)
    ruby-debug-base (0.10.3)
      linecache (>= 0.3)
    rubyzip (0.9.4)
    selenium-webdriver (0.0.27)
      ffi (>= 0.6.1)
      json_pure
      rubyzip
    sqlite3-ruby (1.3.1)
    term-ansicolor (1.0.5)
    text-format (1.0.0)
      text-hyphen (~> 1.0.0)
    text-hyphen (1.0.0)
    thor (0.13.8)
    treetop (1.4.8)
      polyglot (>= 0.3.1)
    trollop (1.16.2)
    tzinfo (0.3.22)
    webrat (0.7.2.beta.1)
      nokogiri (>= 1.2.0)
      rack (>= 1.0)
      rack-test (>= 0.5.3)
    xml-simple (1.0.12)

PLATFORMS
  ruby

DEPENDENCIES
  aws-s3
  capybara!
  cucumber-rails!
  database_cleaner!
  paperclip!
  pg
  rails!
  rspec-rails!
  ruby-debug
  sqlite3-ruby
